GEM
  remote: http://rubygems.org/
  specs:
    abstract (1.0.0)
    actionpack (3.0.9)
      activemodel (= 3.0.9)
      activesupport (= 3.0.9)
      builder (~> 2.1.2)
      erubis (~> 2.6.6)
      i18n (~> 0.5.0)
      rack (~> 1.2.1)
      rack-mount (~> 0.6.14)
      rack-test (~> 0.5.7)
      tzinfo (~> 0.3.23)
    activemodel (3.0.9)
      activesupport (= 3.0.9)
      builder (~> 2.1.2)
      i18n (~> 0.5.0)
    activerecord (3.0.9)
      activemodel (= 3.0.9)
      activesupport (= 3.0.9)
      arel (~> 2.0.10)
      tzinfo (~> 0.3.23)
    activerecord-jdbc-adapter (1.1.3)
    activerecord-jdbcmysql-adapter (1.1.3)
      activerecord-jdbc-adapter (= 1.1.3)
      jdbc-mysql (~> 5.1.0)
    activesupport (3.0.9)
    arel (2.0.10)
    builder (2.1.2)
    columnize (0.3.4)
    diff-lcs (1.1.2)
    erubis (2.6.6)
      abstract (>= 1.0.0)
    git (1.2.5)
    i18n (0.5.0)
    jdbc-mysql (5.1.13)
    jeweler (1.6.4)
      bundler (~> 1.0)
      git (>= 1.2.5)
      rake
    neo4j (1.1.4-java)
      activemodel (>= 3.0.0)
      orm_adapter (>= 0.0.3)
      railties (>= 3.0.0)
      will_paginate (= 3.0.pre4)
    orm_adapter (0.0.5)
    rack (1.2.3)
    rack-mount (0.6.14)
      rack (>= 1.0.0)
    rack-test (0.5.7)
      rack (>= 1.0)
    railties (3.0.9)
      actionpack (= 3.0.9)
      activesupport (= 3.0.9)
      rake (>= 0.8.7)
      rdoc (~> 3.4)
      thor (~> 0.14.4)
    rake (0.9.2)
    rcov (0.9.10)
    rcov (0.9.10-java)
    rdoc (3.9.2)
    rspec (2.3.0)
      rspec-core (~> 2.3.0)
      rspec-expectations (~> 2.3.0)
      rspec-mocks (~> 2.3.0)
    rspec-core (2.3.1)
    rspec-expectations (2.3.0)
      diff-lcs (~> 1.1.2)
    rspec-mocks (2.3.0)
    ruby-debug (0.10.4)
      columnize (>= 0.1)
      ruby-debug-base (~> 0.10.4.0)
    ruby-debug-base (0.10.4-java)
    spork (0.9.0.rc9)
    thor (0.14.6)
    tzinfo (0.3.29)
    will_paginate (3.0.pre4)

PLATFORMS
  java
  ruby

DEPENDENCIES
  activerecord
  activerecord-jdbcmysql-adapter (~> 1.1.3)
  bundler (~> 1.0.0)
  jeweler (~> 1.6.4)
  neo4j (= 1.1.4)
  rcov
  rspec (~> 2.3.0)
  ruby-debug
  spork (~> 0.9.0.rc)
